GEM
  remote: https://rubygems.org/
  specs:
    ast (2.4.3)
    binding_of_caller (1.0.1)
      debug_inspector (>= 1.2.0)
    debug_inspector (1.2.0)
    diff-lcs (1.5.1)
    parser (3.3.9.0)
      ast (~> 2.4.1)
      racc
    prism (1.4.0)
    proc_to_ast (0.2.0)
      parser
      rouge
      unparser
    racc (1.8.1)
    rouge (4.6.0)
    rspec (3.13.0)
      rspec-core (~> 3.13.0)
      rspec-expectations (~> 3.13.0)
      rspec-mocks (~> 3.13.0)
    rspec-core (3.13.0)
      rspec-support (~> 3.13.0)
    rspec-expectations (3.13.0)
      diff-lcs (>= 1.2.0, < 2.0)
      rspec-support (~> 3.13.0)
    rspec-mocks (3.13.0)
      diff-lcs (>= 1.2.0, < 2.0)
      rspec-support (~> 3.13.0)
    rspec-parameterized (2.0.0)
      rspec-parameterized-core (>= 2, < 3)
      rspec-parameterized-table_syntax (>= 2, < 3)
    rspec-parameterized-core (2.0.0)
      parser
      prism
      proc_to_ast (>= 0.2.0)
      rspec (>= 2.13, < 4)
      unparser
    rspec-parameterized-table_syntax (2.0.0)
      binding_of_caller
      rspec-parameterized-core (>= 2, < 3)
    rspec-support (3.13.1)
    unparser (0.6.15)
      diff-lcs (~> 1.3)
      parser (>= 3.3.0)

PLATFORMS
  x86_64-darwin-23

DEPENDENCIES
  rspec
  rspec-parameterized

BUNDLED WITH
   2.4.10
